GEM
  remote: http://rubygems.org/
  specs:
    diff-lcs (1.1.3)
    json (1.6.5)
    linguistics (1.0.9)
    liquid (2.3.0)
    macaddr (1.5.0)
      systemu (>= 2.4.0)
    rake (0.9.2.2)
    rdoc (3.12)
      json (~> 1.4)
    rspec (2.8.0)
      rspec-core (~> 2.8.0)
      rspec-expectations (~> 2.8.0)
      rspec-mocks (~> 2.8.0)
    rspec-core (2.8.0)
    rspec-expectations (2.8.0)
      diff-lcs (~> 1.1.2)
    rspec-mocks (2.8.0)
    systemu (2.4.2)
    uuid (2.3.4)
      macaddr (~> 1.0)
    zipruby (0.3.6)

PLATFORMS
  ruby

DEPENDENCIES
  bundler (~> 1.1.4)
  linguistics
  liquid
  rake
  rdoc
  rspec (~> 2.8.0)
  uuid
  zipruby
